PATH
  remote: .
  specs:
    jruby-kafka (1.3.0-java)
      jar-dependencies (~> 0)
      ruby-maven (~> 3.1)

GEM
  remote: https://rubygems.org/
  specs:
    axiom-types (0.1.1)
      descendants_tracker (~> 0.0.4)
      ice_nine (~> 0.11.0)
      thread_safe (~> 0.3, >= 0.3.1)
    coercible (1.0.0)
      descendants_tracker (~> 0.0.1)
    descendants_tracker (0.0.4)
      thread_safe (~> 0.3, >= 0.3.1)
    equalizer (0.0.10)
    ice_nine (0.11.1)
    jar-dependencies (0.2.0)
    maven-tools (1.0.8)
      virtus (~> 1.0)
    rake (10.4.2)
    ruby-maven (3.1.1.0.11)
      maven-tools (~> 1.0.8)
      ruby-maven-libs (= 3.1.1)
    ruby-maven-libs (3.1.1)
    thread_safe (0.3.5-java)
    virtus (1.0.5)
      axiom-types (~> 0.1)
      coercible (~> 1.0)
      descendants_tracker (~> 0.0, >= 0.0.3)
      equalizer (~> 0.0, >= 0.0.9)

PLATFORMS
  java

DEPENDENCIES
  jruby-kafka!
  rake (~> 10.4)
