PATH
  remote: .
  specs:
    jruby-kafka (1.4.1-java)
      jar-dependencies (~> 0)
      ruby-maven (~> 3.3)

GEM
  remote: https://rubygems.org/
  specs:
    jar-dependencies (0.3.1)
    rake (10.4.2)
    ruby-maven (3.3.8)
      ruby-maven-libs (~> 3.3.1)
    ruby-maven-libs (3.3.3)

PLATFORMS
  java

DEPENDENCIES
  jruby-kafka!
  rake (~> 10.4)

BUNDLED WITH
   1.11.2
